GEM
  remote: https://rubygems.org/
  specs:
    vagrant (1.5.0)

PLATFORMS
  ruby

DEPENDENCIES
  vagrant
